GEM
  remote: https://rubygems.org/
  specs:
    ast (2.4.2)
    awesome_print (1.9.2)
    byebug (11.1.3)
    coderay (1.1.3)
    diff-lcs (1.5.0)
    interception (0.5)
    method_source (1.0.0)
    parallel (1.21.0)
    parser (3.1.0.0)
      ast (~> 2.4.1)
    pry (0.13.1)
      coderay (~> 1.1)
      method_source (~> 1.0)
    pry-byebug (3.9.0)
      byebug (~> 11.0)
      pry (~> 0.13.0)
    pry-rescue (1.5.2)
      interception (>= 0.5)
      pry (>= 0.12.0)
    pry-theme (1.3.1)
      coderay (~> 1.1)
    rainbow (3.1.1)
    regexp_parser (2.2.0)
    rexml (3.2.5)
    rspec (3.10.0)
      rspec-core (~> 3.10.0)
      rspec-expectations (~> 3.10.0)
      rspec-mocks (~> 3.10.0)
    rspec-core (3.10.1)
      rspec-support (~> 3.10.0)
    rspec-expectations (3.10.1)
      diff-lcs (>= 1.2.0, < 2.0)
      rspec-support (~> 3.10.0)
    rspec-mocks (3.10.2)
      diff-lcs (>= 1.2.0, < 2.0)
      rspec-support (~> 3.10.0)
    rspec-support (3.10.3)
    rubocop (1.24.1)
      parallel (~> 1.10)
      parser (>= 3.0.0.0)
      rainbow (>= 2.2.2, < 4.0)
      regexp_parser (>= 1.8, < 3.0)
      rexml
      rubocop-ast (>= 1.15.1, < 2.0)
      ruby-progressbar (~> 1.7)
      unicode-display_width (>= 1.4.0, < 3.0)
    rubocop-ast (1.15.1)
      parser (>= 3.0.1.1)
    ruby-progressbar (1.11.0)
    sorbet (0.5.9531)
      sorbet-static (= 0.5.9531)
    sorbet-runtime (0.5.9531)
    sorbet-static (0.5.9531-universal-darwin-20)
    sorbet-static-and-runtime (0.5.9531)
      sorbet (= 0.5.9531)
      sorbet-runtime (= 0.5.9531)
    unicode-display_width (2.1.0)

PLATFORMS
  arm64-darwin-20
  ruby

DEPENDENCIES
  awesome_print
  pry
  pry-byebug (= 3.9.0)
  pry-rescue
  pry-theme
  rspec (~> 3.10)
  rubocop (~> 1.24)
  sorbet-static-and-runtime

BUNDLED WITH
   2.2.15
